GEM
  remote: https://rubygems.org/
  specs:
    sass (3.3.14)

PLATFORMS
  ruby

DEPENDENCIES
  sass (= 3.3.14)

BUNDLED WITH
   1.10.3
